{
  "TaskName":"Active Visual Oddball",
  "TaskDescription": "Please see Kappenman, E. S., Farrens, J. L., Zhang, W., Stewart, A. X., & Luck, S. J. (2021). ERP CORE: An open resource for human event-related potential research. NeuroImage, 225, 117465.",
  "InstitutionName":"University of California Merced",
  "SamplingFrequency":500,
  "Manufacturer":"Brain Products",
  "ManufacturersModelName":"Brain Products actiCHamp Plus",
  "CapManufacturer":"EasyCap",
  "CapManufacturersModelName":"actiCAP slim active electrode system",
  "EEGChannelCount":27,
  "EOGChannelCount":3,
  "MISCChannelCount":2,
  "PowerLineFrequency":60,
  "EEGPlacementScheme":"10-20",
  "EEGReference":"Cz",
  "EEGGround":"single electrode placed on Fpz",
  "SoftwareFilters": "n/a",
  "RecordingType":"continuous"
}